GEM
  remote: http://rubygems.org/
  specs:
    columnize (0.3.6)
    configuration (1.3.1)
    json (1.5.4)
    linecache (0.46)
      rbx-require-relative (> 0.0.4)
    rbx-require-relative (0.0.5)
    ruby-debug (0.10.4)
      columnize (>= 0.1)
      ruby-debug-base (~> 0.10.4.0)
    ruby-debug-base (0.10.4)
      linecache (>= 0.3)
    thor (0.14.6)

PLATFORMS
  ruby

DEPENDENCIES
  configuration
  json (~> 1.5.3)
  ruby-debug (~> 0.10.4)
  thor
